PATH
  remote: .
  specs:
    sensu-plugins-exim (0.0.1)
      sensu-plugin (~> 1.2)

GEM
  remote: https://rubygems.org/
  specs:
    ast (2.3.0)
    json (1.8.6)
    mixlib-cli (1.7.0)
    parser (2.4.0.0)
      ast (~> 2.2)
    powerpack (0.1.1)
    rainbow (2.2.2)
      rake
    rake (10.5.0)
    rubocop (0.40.0)
      parser (>= 2.3.1.0, < 3.0)
      powerpack (~> 0.1)
      rainbow (>= 1.99.1, < 3.0)
      ruby-progressbar (~> 1.7)
      unicode-display_width (~> 1.0, >= 1.0.1)
    ruby-progressbar (1.8.1)
    sensu-plugin (1.4.5)
      json (< 2.0.0)
      mixlib-cli (>= 1.5.0)
    unicode-display_width (1.3.0)

PLATFORMS
  ruby

DEPENDENCIES
  bundler (~> 1.7)
  rake (~> 10.0)
  rubocop (~> 0.40.0)
  sensu-plugins-exim!

BUNDLED WITH
   1.14.6
